PATH
  remote: .
  specs:
    lightswitch-awsc (0.0.1)

GEM
  remote: https://rubygems.org/
  specs:
    aws-sdk (2.0.39)
      aws-sdk-resources (= 2.0.39)
    aws-sdk-core (2.0.39)
      builder (~> 3.0)
      jmespath (~> 1.0)
      multi_json (~> 1.0)
    aws-sdk-resources (2.0.39)
      aws-sdk-core (= 2.0.39)
    builder (3.2.2)
    jmespath (1.0.2)
      multi_json (~> 1.0)
    multi_json (1.11.0)
    riot (0.12.7)
      rr
    rr (1.1.2)

PLATFORMS
  ruby

DEPENDENCIES
  aws-sdk
  lightswitch-awsc!
  riot
